GEM
  remote: https://rubygems.org/
  specs:
    diff-lcs (1.4.4)
    dotenv (2.7.6)
    json (2.5.1)
    paint (2.2.1)
    pathname (0.1.0)
    rspec (3.10.0)
      rspec-core (~> 3.10.0)
      rspec-expectations (~> 3.10.0)
      rspec-mocks (~> 3.10.0)
    rspec-core (3.10.1)
      rspec-support (~> 3.10.0)
    rspec-expectations (3.10.1)
      diff-lcs (>= 1.2.0, < 2.0)
      rspec-support (~> 3.10.0)
    rspec-mocks (3.10.2)
      diff-lcs (>= 1.2.0, < 2.0)
      rspec-support (~> 3.10.0)
    rspec-support (3.10.2)
    uri (0.10.2)

PLATFORMS
  x86_64-darwin-19
  x86_64-linux

DEPENDENCIES
  dotenv
  json
  paint
  pathname
  rspec
  uri

BUNDLED WITH
   2.2.8
